GIT
  remote: git://github.com/sinatra/sinatra.git
  revision: bc6037326fb145407a4fbfea6b39552c11ec4353
  specs:
    sinatra (1.4.2)
      rack (~> 1.5, >= 1.5.2)
      rack-protection (~> 1.4)
      tilt (~> 1.3, >= 1.3.4)

GEM
  remote: https://rubygems.org/
  specs:
    bacon (1.2.0)
    better_errors (0.8.0)
      coderay (>= 1.0.0)
      erubis (>= 2.6.6)
    binding_of_caller (0.7.1)
      debug_inspector (>= 0.0.1)
    coderay (1.0.9)
    daemons (1.1.9)
    debug_inspector (0.0.2)
    erubis (2.7.0)
    eventmachine (1.0.3)
    haml (3.1.7)
    rack (1.5.2)
    rack-protection (1.5.0)
      rack
    rake (10.0.3)
    sequel (3.46.0)
    shotgun (0.9)
      rack (>= 1.0)
    sinatra-sequel (0.9.0)
      bacon
      sequel (>= 3.2.0)
      sinatra (>= 0.9.4)
    sqlite3 (1.3.7)
    thin (1.5.1)
      daemons (>= 1.0.9)
      eventmachine (>= 0.12.6)
      rack (>= 1.0.0)
    tilt (1.3.7)

PLATFORMS
  ruby

DEPENDENCIES
  better_errors
  binding_of_caller
  haml
  rake
  sequel
  shotgun
  sinatra!
  sinatra-sequel
  sqlite3
  thin
