GIT
  remote: git://github.com/sinatra/sinatra.git
  revision: bc6037326fb145407a4fbfea6b39552c11ec4353
  specs:
    sinatra (1.4.2)
      rack (~> 1.5, >= 1.5.2)
      rack-protection (~> 1.4)
      tilt (~> 1.3, >= 1.3.4)

GEM
  remote: https://rubygems.org/
  specs:
    rack (1.5.2)
    rack-protection (1.5.0)
      rack
    tilt (1.3.7)

PLATFORMS
  ruby

DEPENDENCIES
  sinatra!
